RESTRICTION: == net451
NUGET
  remote: https://api.nuget.org/v3/index.json
    Castle.Core (4.2.1)
    Dapper (1.50.4)
    FluentAssertions (5.3)
      System.ValueTuple (>= 4.4)
    GitVersion.CommandLine (3.6.5)
    Microsoft.NETCore.Platforms (2.0.2)
    Moq (4.8.2)
      Castle.Core (>= 4.2.1)
      System.Threading.Tasks.Extensions (>= 4.3)
      System.ValueTuple (>= 4.4)
    NETStandard.Library (2.0.2)
      Microsoft.NETCore.Platforms (>= 1.1)
      System.Runtime.InteropServices.RuntimeInformation (>= 4.3)
    Oracle.DataAccess.x86 (2.112.1)
    Oracle.ManagedDataAccess (12.2.1100)
    System.Collections (4.3)
    System.Runtime (4.3)
    System.Runtime.InteropServices.RuntimeInformation (4.3)
    System.Threading.Tasks (4.3)
    System.Threading.Tasks.Extensions (4.4)
      System.Collections (>= 4.3)
      System.Runtime (>= 4.3)
      System.Threading.Tasks (>= 4.3)
    System.ValueTuple (4.4)
      NETStandard.Library (>= 1.6.1)
    xunit (2.3.1)
      xunit.analyzers (>= 0.7)
      xunit.assert (2.3.1)
      xunit.core (2.3.1)
    xunit.abstractions (2.0.1)
    xunit.analyzers (0.8)
    xunit.assert (2.3.1)
      NETStandard.Library (>= 1.6.1)
    xunit.core (2.3.1)
      xunit.extensibility.core (2.3.1)
      xunit.extensibility.execution (2.3.1)
    xunit.extensibility.core (2.3.1)
      NETStandard.Library (>= 1.6.1)
      xunit.abstractions (>= 2.0.1)
    xunit.extensibility.execution (2.3.1)
      NETStandard.Library (>= 1.6.1)
      xunit.extensibility.core (2.3.1)
    xunit.runner.console (2.3.1)
    xunit.runner.visualstudio (2.3.1)
